NUGET
  remote: https://nuget.org/api/v2
  specs:
    FubuCore (1.3.0.278)
    FubuCsProjFile (1.9.0.229)
      FubuCore (>= 1.0)
